GEM
  remote: https://rubygems.org/
  specs:
    httparty (0.11.0)
      multi_json (~> 1.0)
      multi_xml (>= 0.5.2)
    json_pure (1.7.7)
    multi_json (1.7.2)
    multi_xml (0.5.3)

PLATFORMS
  ruby

DEPENDENCIES
  httparty
  json_pure
